PATH
  remote: .
  specs:
    precious_metal (0.1.0)

GEM
  remote: https://rubygems.org/
  specs:
    mini_portile2 (2.3.0)
    nokogiri (1.8.5)
      mini_portile2 (~> 2.3.0)
    rake (13.0.1)

PLATFORMS
  ruby

DEPENDENCIES
  bundler (~> 1.17)
  nokogiri
  precious_metal!
  rake (~> 13.0)

BUNDLED WITH
   1.17.1
