PATH
  remote: .
  specs:
    precious_metal (0.1.0)

GEM
  remote: https://rubygems.org/
  specs:
    mini_portile2 (2.8.0)
    nokogiri (1.13.9)
      mini_portile2 (~> 2.8.0)
      racc (~> 1.4)
    racc (1.6.0)
    rake (10.4.2)

PLATFORMS
  ruby

DEPENDENCIES
  bundler (~> 1.17)
  nokogiri
  precious_metal!
  rake (~> 10.0)

BUNDLED WITH
   1.17.1
